GEM
  remote: https://rubygems.org/
  specs:
    skype (0.2.8)
      tmp_cache
    tmp_cache (0.1.1)

PLATFORMS
  ruby

DEPENDENCIES
  skype
