GEM
  remote: https://rubygems.org/
  specs:
    coderay (1.1.0)
    method_source (0.8.2)
    pry (0.10.1)
      coderay (~> 1.1.0)
      method_source (~> 0.8.1)
      slop (~> 3.4)
    skype (0.2.8)
      tmp_cache
    slop (3.6.0)
    tmp_cache (0.1.1)

PLATFORMS
  ruby

DEPENDENCIES
  pry
  skype
